GIT
  remote: https://github.com/Engenere/brcobranca.git
  revision: 12ff0ced3939202ae54f3f0b642b835e1f0bb596
  branch: master
  specs:
    brcobranca (10.0.0)
      activesupport (>= 5.2.6)
      parseline (>= 1.0.3)
      rghost (>= 0.9)
      rghost_barcode (>= 0.9)

GEM
  remote: https://rubygems.org/
  specs:
    activesupport (7.0.3)
      concurrent-ruby (~> 1.0, >= 1.0.2)
      i18n (>= 1.6, < 2)
      minitest (>= 5.1)
      tzinfo (~> 2.0)
      connection_pool (>= 2.2.5)
      base64 (>= 0)
      drb (>= 0)
      mutex_m (>= 0)
    builder (3.2.4)
    concurrent-ruby (1.1.10)
    dry-configurable (0.15.0)
      concurrent-ruby (~> 1.0)
      dry-core (~> 0.6)
    dry-container (0.9.0)
      concurrent-ruby (~> 1.0)
      dry-configurable (~> 0.13, >= 0.13.0)
    dry-core (0.7.1)
      concurrent-ruby (~> 1.0)
    dry-inflector (0.2.1)
    dry-logic (1.2.0)
      concurrent-ruby (~> 1.0)
      dry-core (~> 0.5, >= 0.5)
    dry-types (1.5.1)
      concurrent-ruby (~> 1.0)
      dry-container (~> 0.3)
      dry-core (~> 0.5, >= 0.5)
      dry-inflector (~> 0.1, >= 0.1.2)
      dry-logic (~> 1.0, >= 1.0.2)
    grape (1.6.2)
      activesupport
      builder
      dry-types (>= 1.1)
      mustermann-grape (~> 1.0.0)
      rack (>= 1.3.0, < 3)
      rack-accept
    i18n (1.10.0)
      concurrent-ruby (~> 1.0)
    minitest (5.16.1)
    mustermann (1.1.1)
      ruby2_keywords (~> 0.0.1)
    mustermann-grape (1.1.0)
      mustermann (>= 1.0.0)
    nio4r (2.5.8)
    parseline (1.0.3)
    puma (5.6.4)
      nio4r (~> 2.0)
    rack (2.2.4)
    rack-accept (0.4.5)
      rack (>= 0.4)
    rghost (0.9.7)
    rghost_barcode (0.9)
    ruby2_keywords (0.0.5)
    tzinfo (2.0.6)
      concurrent-ruby (~> 1.0)

PLATFORMS
  ruby

DEPENDENCIES
  brcobranca!
  grape
  puma

BUNDLED WITH
   2.3.7
