GIT
  remote: https://github.com/Engenere/brcobranca.git
  revision: 241eba22252bc1075d6d69fc5b0a3d2cffaef725
  branch: master
  specs:
    brcobranca (11.0.0)
      fast_blank
      parseline (>= 1.0.3)
      rghost (>= 0.9.8)
      rghost_barcode (>= 0.9)

GIT
  remote: https://github.com/shairontoledo/rghost.git
  revision: 93240b15141abd9be961ab7b1c68c77fc445e4e7
  specs:
    rghost (0.9.9)

GEM
  remote: https://rubygems.org/
  specs:
    activesupport (7.1.3.4)
      base64
      bigdecimal
      concurrent-ruby (~> 1.0, >= 1.0.2)
      connection_pool (>= 2.2.5)
      drb
      i18n (>= 1.6, < 2)
      minitest (>= 5.1)
      mutex_m
      tzinfo (~> 2.0)
    base64 (0.2.0)
    bigdecimal (3.1.8)
    concurrent-ruby (1.3.3)
    connection_pool (2.4.1)
    drb (2.2.1)
    dry-core (1.0.1)
      concurrent-ruby (~> 1.0)
      zeitwerk (~> 2.6)
    dry-inflector (1.1.0)
    dry-logic (1.5.0)
      concurrent-ruby (~> 1.0)
      dry-core (~> 1.0, < 2)
      zeitwerk (~> 2.6)
    dry-types (1.7.2)
      bigdecimal (~> 3.0)
      concurrent-ruby (~> 1.0)
      dry-core (~> 1.0)
      dry-inflector (~> 1.0)
      dry-logic (~> 1.4)
      zeitwerk (~> 2.6)
    fast_blank (1.0.1)
    grape (2.1.3)
      activesupport (>= 6)
      dry-types (>= 1.1)
      mustermann-grape (~> 1.1.0)
      rack (>= 2)
      zeitwerk
    i18n (1.14.5)
      concurrent-ruby (~> 1.0)
    minitest (5.24.1)
    mustermann (3.0.0)
      ruby2_keywords (~> 0.0.1)
    mustermann-grape (1.1.0)
      mustermann (>= 1.0.0)
    mutex_m (0.2.0)
    nio4r (2.7.3)
    parseline (1.0.3)
    puma (6.4.2)
      nio4r (~> 2.0)
    rack (3.1.7)
    rghost_barcode (0.9)
    ruby2_keywords (0.0.5)
    tzinfo (2.0.6)
      concurrent-ruby (~> 1.0)
    zeitwerk (2.6.16)

PLATFORMS
  ruby
  x86_64-linux

DEPENDENCIES
  base64
  bigdecimal
  brcobranca!
  grape
  mutex_m
  puma
  rghost!

BUNDLED WITH
   2.5.16
