GIT
  remote: https://github.com/kivanio/brcobranca.git
  revision: cd928e87554bcd9eceadea6cf5a9a777f756b1b8
  specs:
    brcobranca (11.0.0)
      activesupport (>= 5.2.6)
      fast_blank
      parseline (>= 1.0.3)
      rghost
      rghost_barcode (>= 0.9)

GEM
  remote: https://rubygems.org/
  specs:
    activesupport (7.1.3.4)
      concurrent-ruby (~> 1.0, >= 1.0.2)
      i18n (>= 1.6, < 2)
      minitest (>= 5.1)
      tzinfo (~> 2.0)
    builder (3.2.4)
    concurrent-ruby (1.3.1)
    dry-container (0.11.0)
      concurrent-ruby (~> 1.0)
    dry-core (1.0.1)
      concurrent-ruby (~> 1.0)
    dry-inflector (1.0.0)
    dry-logic (1.5.0)
      concurrent-ruby (~> 1.0)
      dry-core (~> 0.5, >= 0.5)
    dry-types (1.7.2)
      concurrent-ruby (~> 1.0)
      dry-container (~> 0.3)
      dry-core (~> 0.5, >= 0.5)
      dry-inflector (~> 0.1, >= 0.1.2)
      dry-logic (~> 1.0, >= 1.0.2)
    fast_blank (1.0.1)
    grape (2.0.0)
      activesupport (>= 5)
      builder
      dry-types (>= 1.1)
      mustermann-grape (~> 1.0.0)
      rack (>= 1.3.0)
      rack-accept
    i18n (1.14.5)
      concurrent-ruby (~> 1.0)
    minitest (5.23.1)
    mustermann (3.0.0)
      ruby2_keywords (~> 0.0.1)
    mustermann-grape (1.1.0)
      mustermann (>= 1.0.0)
    nio4r (2.7.3)
    parseline (1.0.3)
    puma (6.4.2)
      nio4r (~> 2.0)
    rack (3.0.11)
    rack-accept (0.4.5)
      rack (>= 0.4)
    rghost_barcode (0.9)
    ruby2_keywords (0.0.5)
    tzinfo (2.0.6)
      concurrent-ruby (~> 1.0)
    base64 (0.2.0)
    mutex_m (0.2.0)
    bigdecimal (3.1.8)

PLATFORMS
  ruby

DEPENDENCIES
  brcobranca!
  grape
  puma
  base64
  mutex_m
  bigdecimal
  rghost 'https://github.com/shairontoledo/rghost.git'

BUNDLED WITH
   2.5.11
